GIT
  remote: git://github.com/rsim/vestal_versions.git
  revision: 2773ee61076718c44c3e15c2ae6a7929fcb623c9
  specs:
    vestal_versions (1.3.0)
      activerecord (>= 2.1.0)

GIT
  remote: https://github.com/brianmario/mysql2.git
  revision: 130c25798fabf49046a1ff57fcf5dfc3b5e60989
  branch: 0.2.x
  specs:
    mysql2 (0.2.11)

GEM
  remote: http://rubygems.org/
  specs:
    Ascii85 (1.0.1)
    RedCloth (4.2.7)
    ZenTest (4.5.0)
    aasm (2.2.0)
    abstract (1.0.0)
    actionmailer (3.0.9)
      actionpack (= 3.0.9)
      mail (~> 2.2.19)
    actionpack (3.0.9)
      activemodel (= 3.0.9)
      activesupport (= 3.0.9)
      builder (~> 2.1.2)
      erubis (~> 2.6.6)
      i18n (~> 0.5.0)
      rack (~> 1.2.1)
      rack-mount (~> 0.6.14)
      rack-test (~> 0.5.7)
      tzinfo (~> 0.3.23)
    activemodel (3.0.9)
      activesupport (= 3.0.9)
      builder (~> 2.1.2)
      i18n (~> 0.5.0)
    activerecord (3.0.9)
      activemodel (= 3.0.9)
      activesupport (= 3.0.9)
      arel (~> 2.0.10)
      tzinfo (~> 0.3.23)
    activerecord-oracle_enhanced-adapter (1.3.0)
    activeresource (3.0.9)
      activemodel (= 3.0.9)
      activesupport (= 3.0.9)
    activesupport (3.0.9)
    archive-tar-minitar (0.5.2)
    arel (2.0.10)
    autotest (4.4.6)
      ZenTest (>= 4.4.1)
    autotest-rails (4.1.0)
      ZenTest
    bcrypt-ruby (2.1.4)
    bluecloth (2.1.0)
    builder (2.1.2)
    cancan (1.6.5)
    capistrano (2.6.0)
      highline
      net-scp (>= 1.0.0)
      net-sftp (>= 2.0.0)
      net-ssh (>= 2.0.14)
      net-ssh-gateway (>= 1.1.0)
    ci_reporter (1.6.5)
      builder (>= 2.1.2)
    columnize (0.3.3)
    devise (1.3.4)
      bcrypt-ruby (~> 2.1.2)
      orm_adapter (~> 0.0.3)
      warden (~> 1.0.3)
    devise_ldap_authenticatable (0.4.4)
      devise (> 1.0.4)
      net-ldap (>= 0.1.1)
    erubis (2.6.6)
      abstract (>= 1.0.0)
    fast-aes (0.1.1)
    foreigner (1.0.3)
      activerecord (>= 3.0.0)
    haml (3.1.2)
    highline (1.6.2)
    i18n (0.5.0)
    jquery-rails (1.0.11)
      railties (~> 3.0)
      thor (~> 0.14)
    linecache19 (0.5.12)
      ruby_core_source (>= 0.1.4)
    mail (2.2.19)
      activesupport (>= 2.3.6)
      i18n (>= 0.4.0)
      mime-types (~> 1.16)
      treetop (~> 1.4.8)
    mime-types (1.16)
    mocha (0.9.7)
      rake
    net-ldap (0.2.2)
    net-scp (1.0.4)
      net-ssh (>= 1.99.1)
    net-sftp (2.0.5)
      net-ssh (>= 2.0.9)
    net-ssh (2.1.4)
    net-ssh-gateway (1.1.0)
      net-ssh (>= 1.99.1)
    nokogiri (1.4.4)
    orm_adapter (0.0.5)
    paperclip (2.3.1.1)
    pdf-reader (0.8.6)
      Ascii85 (>= 0.9)
    polyglot (0.3.1)
    prawn (0.11.1.pre)
      pdf-reader (>= 0.8.1)
    prawnto (0.0.3)
      prawn
      rails (>= 2.1)
    rack (1.2.3)
    rack-mount (0.6.14)
      rack (>= 1.0.0)
    rack-test (0.5.7)
      rack (>= 1.0)
    rails (3.0.9)
      actionmailer (= 3.0.9)
      actionpack (= 3.0.9)
      activerecord (= 3.0.9)
      activeresource (= 3.0.9)
      activesupport (= 3.0.9)
      bundler (~> 1.0)
      railties (= 3.0.9)
    railties (3.0.9)
      actionpack (= 3.0.9)
      activesupport (= 3.0.9)
      rake (>= 0.8.7)
      rdoc (~> 3.4)
      thor (~> 0.14.4)
    rake (0.9.2)
    rdoc (3.6.1)
    rspec (1.3.0)
    rspec-rails (1.3.2)
      rack (>= 1.0.0)
      rspec (>= 1.3.0)
    ruby-debug-base19 (0.11.25)
      columnize (>= 0.3.1)
      linecache19 (>= 0.5.11)
      ruby_core_source (>= 0.1.4)
    ruby-debug19 (0.11.6)
      columnize (>= 0.3.1)
      linecache19 (>= 0.5.11)
      ruby-debug-base19 (>= 0.11.19)
    ruby-oci8 (2.0.4)
    ruby-ole (1.2.11.1)
    ruby_core_source (0.1.5)
      archive-tar-minitar (>= 0.5.2)
    single_test (0.4.0)
    spork (0.7.5)
    spreadsheet (0.6.4.1)
      ruby-ole
    thor (0.14.6)
    thoughtbot-factory_girl (1.2.2)
    thoughtbot-shoulda (2.10.2)
    treetop (1.4.9)
      polyglot (>= 0.3.1)
    tzinfo (0.3.28)
    warden (1.0.4)
      rack (>= 1.0)
    will_paginate (2.3.15)

PLATFORMS
  ruby

DEPENDENCIES
  RedCloth (= 4.2.7)
  ZenTest (= 4.5.0)
  aasm (= 2.2.0)
  activerecord-oracle_enhanced-adapter (= 1.3.0)
  autotest (= 4.4.6)
  autotest-rails (= 4.1.0)
  bluecloth (= 2.1.0)
  cancan (= 1.6.5)
  capistrano (= 2.6.0)
  ci_reporter
  devise (= 1.3.4)
  devise_ldap_authenticatable (= 0.4.4)
  fast-aes (= 0.1.1)
  foreigner (= 1.0.3)
  haml (= 3.1.2)
  jquery-rails (>= 1.0.3)
  mocha (= 0.9.7)
  mysql2 (= 0.2.11)!
  nokogiri (= 1.4.4)
  paperclip (= 2.3.1.1)
  pdf-reader (= 0.8.6)
  prawn (= 0.11.1.pre)
  prawnto (= 0.0.3)
  rails (= 3.0.9)
  rake (= 0.9.2)
  rspec (= 1.3.0)
  rspec-rails (= 1.3.2)
  ruby-debug19 (= 0.11.6)
  ruby-oci8 (= 2.0.4)
  ruby-ole (= 1.2.11.1)
  single_test (= 0.4.0)
  spork (= 0.7.5)
  spreadsheet (= 0.6.4.1)
  thoughtbot-factory_girl (= 1.2.2)
  thoughtbot-shoulda (= 2.10.2)
  vestal_versions (= 1.3.0)!
  will_paginate (= 2.3.15)
